GEM
  remote: http://rubygems.org/
  specs:
    addressable (2.2.8)
    aws-sdk (1.4.1)
      httparty (~> 0.7)
      json (~> 1.4)
      nokogiri (>= 1.4.4)
      uuidtools (~> 2.1)
    bson (1.6.2)
    bson_ext (1.6.2)
      bson (~> 1.6.2)
    cookiejar (0.3.0)
    em-http-request (1.0.2)
      addressable (>= 2.2.3)
      cookiejar
      em-socksify
      eventmachine (>= 1.0.0.beta.4)
      http_parser.rb (>= 0.5.3)
    em-socksify (0.2.0)
      eventmachine (>= 1.0.0.beta.4)
    eventmachine (1.0.0.beta.4)
    http_parser.rb (0.5.3)
    httparty (0.8.3)
      multi_json (~> 1.0)
      multi_xml
    json (1.7.0)
    mongo (1.6.2)
      bson (~> 1.6.2)
    multi_json (1.3.4)
    multi_xml (0.4.4)
    nokogiri (1.5.2)
    simple_oauth (0.1.7)
    uuidtools (2.1.2)

PLATFORMS
  ruby

DEPENDENCIES
  aws-sdk
  bson_ext
  em-http-request
  eventmachine (>= 1.0.0.beta.4)
  json
  mongo
  simple_oauth
